GEM
  remote: https://rubygems.org/
  specs:
    coderay (1.1.0)
    ethon (0.7.1)
      ffi (>= 1.3.0)
    ffi (1.9.6)
    json (1.8.1)
    method_source (0.8.2)
    pg (0.17.1)
    pokegem (0.0.2)
    pry (0.10.1)
      coderay (~> 1.1.0)
      method_source (~> 0.8.1)
      slop (~> 3.4)
    rack (1.5.2)
    rack-protection (1.5.3)
      rack
    rake (10.4.2)
    sinatra (1.4.5)
      rack (~> 1.4)
      rack-protection (~> 1.4)
      tilt (~> 1.3, >= 1.3.4)
    slop (3.6.0)
    tilt (1.4.1)
    typhoeus (0.6.9)
      ethon (>= 0.7.1)

PLATFORMS
  ruby

DEPENDENCIES
  json
  pg
  pokegem (~> 0.0.2)
  pry
  rake
  sinatra
  typhoeus
